PATH
  remote: .
  specs:
    omoncli (0.23)
      highline
      thor

GEM
  remote: https://rubygems.org/
  specs:
    highline (1.7.8)
    rake (12.0.0)
    rdoc (5.1.0)
    thor (0.19.4)

PLATFORMS
  ruby

DEPENDENCIES
  omoncli!
  rake
  rdoc

BUNDLED WITH
   1.14.6
