PATH
  remote: .
  specs:
    omoncli (0.24)
      highline
      thor

GEM
  remote: https://rubygems.org/
  specs:
    highline (2.0.3)
    rake (13.0.1)
    thor (1.1.0)

PLATFORMS
  ruby

DEPENDENCIES
  omoncli!
  rake

BUNDLED WITH
   2.1.4
