PATH
  remote: .
  specs:
    omoncli (0.1.5)
      highline
      thor

GEM
  remote: https://rubygems.org/
  specs:
    highline (1.7.8)
    json (1.8.1)
    rake (10.3.2)
    rdoc (4.1.1)
      json (~> 1.4)
    thor (0.19.1)

PLATFORMS
  ruby

DEPENDENCIES
  omoncli!
  rake
  rdoc

BUNDLED WITH
   1.13.6
