PATH
  remote: .
  specs:
    omoncli (0.24)
      highline
      thor

GEM
  remote: https://rubygems.org/
  specs:
    highline (2.0.3)
    rake (13.0.6)
    thor (1.2.1)

PLATFORMS
  arm64-darwin-21

DEPENDENCIES
  omoncli!
  rake

BUNDLED WITH
   2.3.10
